GEM
  remote: https://rubygems.org/
  specs:
    cmdparse (3.0.4)
    coderay (1.1.2)
    coolline (0.5.0)
      unicode_utils (~> 1.4)
    geom2d (0.2.0)
    hexapdf (0.10.0)
      cmdparse (~> 3.0, >= 3.0.3)
      geom2d (~> 0.2)
    method_source (0.9.2)
    pry (0.12.2)
      coderay (~> 1.1.0)
      method_source (~> 0.9.0)
    pry-coolline (0.2.5)
      coolline (~> 0.5)
    unicode_utils (1.4.0)

PLATFORMS
  ruby

DEPENDENCIES
  hexapdf (~> 0.10)
  pry
  pry-coolline

BUNDLED WITH
   1.17.3
